PATH
  remote: .
  specs:
    mongo_doc (0.6.25)
      activemodel (>= 3.0.0)
      activesupport (>= 3.0.0)
      bson (= 1.0.4)
      bson_ext (= 1.0.4)
      mongo (>= 1.0.0)
      tzinfo (>= 0.3.22)

GEM
  remote: http://rubygems.org/
  specs:
    activemodel (3.0.0)
      activesupport (= 3.0.0)
      builder (~> 2.1.2)
      i18n (~> 0.4.1)
    activesupport (3.0.0)
    bson (1.0.4)
    bson_ext (1.0.4)
    builder (2.1.2)
    cucumber (0.9.2)
      builder (~> 2.1.2)
      diff-lcs (~> 1.1.2)
      gherkin (~> 2.2.5)
      json (~> 1.4.6)
      term-ansicolor (~> 1.0.5)
    diff-lcs (1.1.2)
    gemcutter (0.6.1)
    gherkin (2.2.8)
      json (~> 1.4.6)
      term-ansicolor (~> 1.0.5)
    git (1.2.5)
    i18n (0.4.1)
    jeweler (1.4.0)
      gemcutter (>= 0.1.0)
      git (>= 1.2.5)
      rubyforge (>= 2.0.0)
    json (1.4.6)
    json_pure (1.4.6)
    mongo (1.0.7)
      bson (>= 1.0.4)
    rspec (2.0.0)
      rspec-core (= 2.0.0)
      rspec-expectations (= 2.0.0)
      rspec-mocks (= 2.0.0)
    rspec-core (2.0.0)
    rspec-expectations (2.0.0)
      diff-lcs (>= 1.1.2)
    rspec-mocks (2.0.0)
      rspec-core (= 2.0.0)
      rspec-expectations (= 2.0.0)
    rubyforge (2.0.4)
      json_pure (>= 1.1.7)
    term-ansicolor (1.0.5)
    tzinfo (0.3.23)

PLATFORMS
  ruby

DEPENDENCIES
  activemodel (>= 3.0.0)
  activesupport (>= 3.0.0)
  bson (= 1.0.4)
  bson_ext (= 1.0.4)
  cucumber (>= 0.8.5)
  jeweler (>= 1.4.0)
  mongo (>= 1.0.0)
  mongo_doc!
  rspec (>= 2.0.0)
  tzinfo (>= 0.3.22)
