PATH
  remote: .
  specs:
    mongo_doc (0.6.28)
      activemodel (>= 3.0.0)
      activesupport (>= 3.0.0)
      bson (= 1.0.4)
      bson_ext (= 1.0.4)
      mongo (>= 1.0.0)
      tzinfo (>= 0.3.22)

GEM
  remote: http://rubygems.org/
  specs:
    activemodel (3.0.5)
      activesupport (= 3.0.5)
      builder (~> 2.1.2)
      i18n (~> 0.4)
    activesupport (3.0.5)
    bson (1.0.4)
    bson_ext (1.0.4)
    builder (2.1.2)
    cucumber (0.10.0)
      builder (>= 2.1.2)
      diff-lcs (~> 1.1.2)
      gherkin (~> 2.3.2)
      json (~> 1.4.6)
      term-ansicolor (~> 1.0.5)
    diff-lcs (1.1.2)
    gherkin (2.3.3)
      json (~> 1.4.6)
    i18n (0.5.0)
    json (1.4.6)
    mongo (1.0.7)
      bson (>= 1.0.4)
    rspec (2.5.0)
      rspec-core (~> 2.5.0)
      rspec-expectations (~> 2.5.0)
      rspec-mocks (~> 2.5.0)
    rspec-core (2.5.1)
    rspec-expectations (2.5.0)
      diff-lcs (~> 1.1.2)
    rspec-mocks (2.5.0)
    term-ansicolor (1.0.5)
    tzinfo (0.3.24)

PLATFORMS
  ruby

DEPENDENCIES
  cucumber (>= 0.10.0)
  mongo_doc!
  rspec (>= 2.5.0)
